GEM
  remote: https://rubygems.org/
  specs:
    addressable (2.3.6)
    backports (3.6.0)
    faraday (0.9.0)
      multipart-post (>= 1.2, < 3)
    git (1.2.8)
    httpclient (2.4.0)
    i18n (0.7.0)
    mini_portile (0.6.0)
    multi_json (1.10.1)
    multipart-post (2.0.0)
    nio4r (2.5.7)
    nokogiri (1.6.3.1)
      mini_portile (= 0.6.0)
    octokit (3.3.1)
      sawyer (~> 0.5.3)
    parallel (1.2.4)
    puma (4.3.8)
      nio4r (~> 2.0)
    rack (1.6.13)
    rack-protection (1.5.3)
      rack
    rack-test (0.6.2)
      rack (>= 1.0)
    sawyer (0.5.5)
      addressable (~> 2.3.5)
      faraday (~> 0.8, < 0.10)
    sinatra (1.4.5)
      rack (~> 1.4)
      rack-protection (~> 1.4)
      tilt (~> 1.3, >= 1.3.4)
    sinatra-contrib (1.4.2)
      backports (>= 2.0)
      multi_json
      rack-protection
      rack-test
      sinatra (~> 1.4.0)
      tilt (~> 1.3)
    tilt (1.4.1)

PLATFORMS
  ruby

DEPENDENCIES
  faraday (~> 0.9.0)
  git (~> 1.2.8)
  httpclient (~> 2.4.0)
  i18n (~> 0.7.0)
  nokogiri (~> 1.6.3.1)
  octokit (~> 3.3.1)
  parallel (~> 1.2.4)
  puma (~> 4.3.8)
  sinatra (~> 1.4.5)
  sinatra-contrib (~> 1.4.2)
